PATH
  remote: .
  specs:
    rutie_ruby_example (0.1.0)
      rutie (~> 0.0.3)

GEM
  remote: https://rubygems.org/
  specs:
    ansi (1.5.0)
    builder (3.2.3)
    color_pound_spec_reporter (0.0.9)
      bundler
      minitest
      minitest-reporters (>= 0.14.24)
      rake
    minitest (5.11.3)
    minitest-reporters (1.3.5)
      ansi
      builder
      minitest (>= 5.0)
      ruby-progressbar
    rake (10.5.0)
    ruby-progressbar (1.10.0)
    rutie (0.0.3)
      bundler (~> 1.16)

PLATFORMS
  ruby

DEPENDENCIES
  bundler (~> 1.16)
  color_pound_spec_reporter (~> 0.0.6)
  minitest (~> 5.10)
  minitest-reporters (~> 1.1)
  rake (~> 10.0)
  rutie_ruby_example!

BUNDLED WITH
   1.17.1
